GIT
  remote: git://github.com/jondot/padrino-warden.git
  revision: 48753645f87f64b52350eb4061584a35418a1ea5
  specs:
    padrino-warden (0.20.2)
      warden (>= 0.10.3)

GEM
  remote: https://rubygems.org/
  specs:
    bcrypt (3.1.12)
    concurrent-ruby (1.1.4)
    erubis (2.7.0)
    i18n (0.9.5)
      concurrent-ruby (~> 1.0)
    json (2.2.0)
    logger (1.3.0)
    mail (2.7.1)
      mini_mime (>= 0.1.1)
    mime-types (3.2.2)
      mime-types-data (~> 3.2015)
    mime-types-data (3.2018.0812)
    mini_mime (1.0.1)
    moneta (1.0.0)
    mustermann (1.0.3)
    padrino (0.14.4)
      padrino-admin (= 0.14.4)
      padrino-cache (= 0.14.4)
      padrino-core (= 0.14.4)
      padrino-gen (= 0.14.4)
      padrino-helpers (= 0.14.4)
      padrino-mailer (= 0.14.4)
      padrino-support (= 0.14.4)
    padrino-admin (0.14.4)
      padrino-core (= 0.14.4)
      padrino-helpers (= 0.14.4)
    padrino-cache (0.14.4)
      moneta (~> 1.0.0)
      padrino-core (= 0.14.4)
      padrino-helpers (= 0.14.4)
    padrino-core (0.14.4)
      padrino-support (= 0.14.4)
      sinatra (>= 2.0.0)
      thor (~> 0.18)
    padrino-gen (0.14.4)
      bundler (~> 1.0)
      padrino-core (= 0.14.4)
    padrino-helpers (0.14.4)
      i18n (~> 0.6, >= 0.6.7)
      padrino-support (= 0.14.4)
      tilt (>= 1.4.1, < 3)
    padrino-mailer (0.14.4)
      mail (~> 2.5)
      mime-types (< 4)
      padrino-core (= 0.14.4)
    padrino-support (0.14.4)
    rack (2.0.6)
    rack-protection (2.0.5)
      rack
    rake (12.3.2)
    redis (4.1.0)
    sequel (5.17.0)
    sinatra (2.0.5)
      mustermann (~> 1.0)
      rack (~> 2.0)
      rack-protection (= 2.0.5)
      tilt (~> 2.0)
    sqlite3 (1.4.0)
    thor (0.20.3)
    tilt (2.0.9)
    warden (1.2.8)
      rack (>= 2.0.6)

PLATFORMS
  ruby

DEPENDENCIES
  bcrypt
  erubis (~> 2.7.0)
  json
  logger
  padrino (= 0.14.4)
  padrino-warden!
  rake
  redis
  sequel
  sqlite3

BUNDLED WITH
   1.17.1
